GEM
  remote: https://rubygems.org/
  specs:
    puma (6.4.2)

PLATFORMS
  ruby

DEPENDENCIES
  puma

BUNDLED WITH
   2.3.26
